PATH
  remote: ../rulers
  specs:
    rulers (0.2.0)

GEM
  remote: https://rubygems.org/
  specs:

PLATFORMS
  ruby

DEPENDENCIES
  rulers!

BUNDLED WITH
   1.10.3
